PATH
  remote: .
  specs:
    json-path (0.1.0)

GEM
  remote: https://rubygems.org/
  specs:
    ast (2.4.1)
    byebug (11.0.1)
    docile (1.3.2)
    jaro_winkler (1.5.4)
    minitest (5.14.2)
    parallel (1.19.2)
    parser (2.7.1.4)
      ast (~> 2.4.1)
    rainbow (3.0.0)
    rake (12.3.2)
    rubocop (0.78.0)
      jaro_winkler (~> 1.5.1)
      parallel (~> 1.10)
      parser (>= 2.6)
      rainbow (>= 2.2.2, < 4.0)
      ruby-progressbar (~> 1.7)
      unicode-display_width (>= 1.4.0, < 1.7)
    rubocop-performance (1.5.2)
      rubocop (>= 0.71.0)
    ruby-progressbar (1.10.1)
    simplecov (0.18.5)
      docile (~> 1.1)
      simplecov-html (~> 0.11)
    simplecov-html (0.12.2)
    unicode-display_width (1.6.1)
    yard (0.9.24)

PLATFORMS
  ruby

DEPENDENCIES
  bundler (= 2.1.4)
  byebug (= 11.0.1)
  json-path!
  minitest (~> 5.0)
  rake (~> 12.0)
  rubocop (= 0.78.0)
  rubocop-performance (= 1.5.2)
  simplecov (= 0.18.5)
  yard (= 0.9.24)

BUNDLED WITH
   2.1.4
